GEM
  remote: http://rubygems.org/
  specs:
    clockwork (0.3.4)
    daemons (1.1.8)
    eventmachine (0.12.10)
    i18n (0.6.0)
    kindlegen (2.3.1)
      systemu
    mail (2.4.1)
      i18n (>= 0.4.0)
      mime-types (~> 1.16)
      treetop (~> 1.4.8)
    mime-types (1.17.2)
    nokogiri (1.5.0)
    polyglot (0.3.3)
    rack (1.4.1)
    systemu (2.4.2)
    thin (1.3.1)
      daemons (>= 1.0.9)
      eventmachine (>= 0.12.6)
      rack (>= 1.0.0)
    treetop (1.4.10)
      polyglot
      polyglot (>= 0.3.1)

PLATFORMS
  ruby

DEPENDENCIES
  clockwork
  kindlegen
  mail
  nokogiri
  thin
