GEM
  remote: http://rubygems.org/
  specs:
    clockwork (0.4.0)
      tzinfo
    daemons (1.1.8)
    eventmachine (0.12.10)
    i18n (0.6.0)
    kindlegen (2.4.0)
      systemu
    mail (2.4.4)
      i18n (>= 0.4.0)
      mime-types (~> 1.16)
      treetop (~> 1.4.8)
    mime-types (1.18)
    nokogiri (1.5.2)
    pit (0.0.6)
    polyglot (0.3.3)
    rack (1.4.1)
    systemu (2.5.0)
    thin (1.3.1)
      daemons (>= 1.0.9)
      eventmachine (>= 0.12.6)
      rack (>= 1.0.0)
    treetop (1.4.10)
      polyglot
      polyglot (>= 0.3.1)
    tzinfo (0.3.32)

PLATFORMS
  ruby

DEPENDENCIES
  clockwork
  kindlegen
  mail
  nokogiri
  pit
  thin
